{
    "Modality": "MR",
    "MagneticFieldStrength": 3,
    "ImagingFrequency": 123.227,
    "Manufacturer": "Siemens",
    "ManufacturersModelName": "TrioTim",
    "InstitutionName": "Brunel University",
    "InstitutionalDepartmentName": "Department",
    "InstitutionAddress": "Street StreetNo,Egham,SE,GB,TW20 0EX",
    "DeviceSerialNumber": "35080",
    "StationName": "MRC35080",
    "PatientPosition": "HFS",
    "ProcedureStepDescription": "BNL^Adrian",
    "SoftwareVersions": "syngo MR B17",
    "MRAcquisitionType": "2D",
    "SeriesDescription": "ep2d_bold_Grappa_PSN",
    "ProtocolName": "ep2d_bold_Grappa_PSN",
    "ScanningSequence": "EP",
    "SequenceVariant": "SK",
    "ScanOptions": "FS",
    "SequenceName": "*epfid2d1_64",
    "ImageType": [
        "ORIGINAL",
        "PRIMARY",
        "M",
        "ND",
        "NORM",
        "MOSAIC"
    ],
    "SeriesNumber": 2,
    "AcquisitionTime": "15:32:11.502500",
    "AcquisitionNumber": 1,
    "SliceThickness": 3,
    "SpacingBetweenSlices": 3,
    "SAR": 0.126043,
    "EchoTime": 0.031,
    "RepetitionTime": 3,
    "FlipAngle": 85,
    "PartialFourier": 1,
    "BaseResolution": 64,
    "ShimSetting": [
        -7959,
        -28960,
        -11296,
        710,
        -157,
        284,
        -406,
        -186
    ],
    "TxRefAmp": 311.969,
    "PhaseResolution": 1,
    "ReceiveCoilName": "32Ch_Head",
    "CoilString": "C:HEA;HEP",
    "PulseSequenceDetails": "%SiemensSeq%\\ep2d_bold",
    "RefLinesPE": 32,
    "PercentPhaseFOV": 100,
    "PercentSampling": 100,
    "PhaseEncodingSteps": 64,
    "AcquisitionMatrixPE": 64,
    "ReconMatrixPE": 64,
    "BandwidthPerPixelPhaseEncode": 22.007,
    "ParallelReductionFactorInPlane": 2,
    "EffectiveEchoSpacing": 0.000710001,
    "DerivedVendorReportedEchoSpacing": 0.00142,
    "TotalReadoutTime": 0.0447301,
    "PixelBandwidth": 751,
    "DwellTime": 1.04e-05,
    "PhaseEncodingDirection": "j-",
    "SliceTiming": [
        0,
        1.5425,
        0.075,
        1.6175,
        0.1475,
        1.69,
        0.22,
        1.7625,
        0.295,
        1.8375,
        0.3675,
        1.91,
        0.4425,
        1.985,
        0.515,
        2.0575,
        0.5875,
        2.13,
        0.6625,
        2.205,
        0.735,
        2.2775,
        0.81,
        2.3525,
        0.8825,
        2.425,
        0.955,
        2.4975,
        1.03,
        2.5725,
        1.1025,
        2.645,
        1.175,
        2.7175,
        1.25,
        2.7925,
        1.3225,
        2.865,
        1.3975,
        2.94,
        1.47
    ],
    "ImageOrientationPatientDICOM": [
        1,
        0,
        0,
        0,
        1,
        0
    ],
    "InPlanePhaseEncodingDirectionDICOM": "COL",
    "ConversionSoftware": "dcm2niix",
    "ConversionSoftwareVersion": "v1.0.20210317",
    "Dcm2bidsVersion": "3.1.0",
    "TaskName": "movie"
}