{
    "Modality": "MR",
    "MagneticFieldStrength": 3,
    "ImagingFrequency": 123.227,
    "Manufacturer": "Siemens",
    "ManufacturersModelName": "TrioTim",
    "InstitutionName": "Brunel University",
    "InstitutionalDepartmentName": "Department",
    "InstitutionAddress": "Street StreetNo,Egham,SE,GB,TW20 0EX",
    "DeviceSerialNumber": "35080",
    "StationName": "MRC35080",
    "PatientPosition": "HFS",
    "ProcedureStepDescription": "BNL^Adrian",
    "SoftwareVersions": "syngo MR B17",
    "MRAcquisitionType": "3D",
    "SeriesDescription": "t1_mpr_sag_iso",
    "ProtocolName": "t1_mpr_sag_iso",
    "ScanningSequence": "GR\\IR",
    "SequenceVariant": "SP\\MP",
    "ScanOptions": "IR",
    "SequenceName": "*tfl3d1_ns",
    "ImageType": [
        "ORIGINAL",
        "PRIMARY",
        "M",
        "ND",
        "NORM"
    ],
    "SeriesNumber": 3,
    "AcquisitionTime": "14:01:48.580000",
    "AcquisitionNumber": 1,
    "SliceThickness": 1,
    "SAR": 0.107133,
    "EchoTime": 0.00303,
    "RepetitionTime": 1.83,
    "InversionTime": 1.1,
    "FlipAngle": 11,
    "PartialFourier": 1,
    "BaseResolution": 256,
    "ShimSetting": [
        -7927,
        -28873,
        -11428,
        14,
        -29,
        25,
        -78,
        -32
    ],
    "TxRefAmp": 314.668,
    "PhaseResolution": 1,
    "ReceiveCoilName": "32Ch_Head",
    "CoilString": "C:HEA;HEP",
    "PulseSequenceDetails": "%SiemensSeq%\\tfl",
    "RefLinesPE": 64,
    "PercentPhaseFOV": 100,
    "PercentSampling": 100,
    "PhaseEncodingSteps": 255,
    "AcquisitionMatrixPE": 256,
    "ReconMatrixPE": 256,
    "ParallelReductionFactorInPlane": 2,
    "PixelBandwidth": 130,
    "DwellTime": 1.5e-05,
    "ImageOrientationPatientDICOM": [
        -0.0174492,
        0.999848,
        4.14807e-08,
        -0.0226874,
        -0.000395895,
        -0.999743
    ],
    "InPlanePhaseEncodingDirectionDICOM": "ROW",
    "ConversionSoftware": "dcm2niix",
    "ConversionSoftwareVersion": "v1.0.20210317",
    "Dcm2bidsVersion": "3.1.0"
}